GIT
  remote: git://github.com/iconara/cql-rb.git
  revision: 4b909861ce6574f8a7acaa754f1c065a49f44d1f
  specs:
    cql-rb (2.0.1)
      ione (~> 1)

GEM
  remote: https://rubygems.org/
  specs:
    ione (1.1.3)

PLATFORMS
  ruby

DEPENDENCIES
  cql-rb!
